GEM
  remote: https://rubygems.org/
  specs:
    atk (4.1.3)
      glib2 (= 4.1.3)
    cairo (1.17.8)
      native-package-installer (>= 1.0.3)
      pkg-config (>= 1.2.2)
      red-colors
    cairo-gobject (4.1.3)
      cairo (>= 1.16.2)
      glib2 (= 4.1.3)
    fiddle (1.1.1)
    gdk3 (4.1.3)
      cairo-gobject (= 4.1.3)
      gdk_pixbuf2 (= 4.1.3)
      pango (= 4.1.3)
    gdk_pixbuf2 (4.1.3)
      gio2 (= 4.1.3)
    gio2 (4.1.3)
      fiddle
      gobject-introspection (= 4.1.3)
    glib2 (4.1.3)
      native-package-installer (>= 1.0.3)
      pkg-config (>= 1.3.5)
    gobject-introspection (4.1.3)
      glib2 (= 4.1.3)
    gtk3 (4.1.3)
      atk (= 4.1.3)
      gdk3 (= 4.1.3)
    matrix (0.4.2)
    native-package-installer (1.1.5)
    pango (4.1.3)
      cairo-gobject (= 4.1.3)
      gobject-introspection (= 4.1.3)
    pkg-config (1.5.1)
    rake (13.0.6)
    red-colors (0.3.0)
      matrix

PLATFORMS
  x86_64-linux

DEPENDENCIES
  gobject-introspection (~> 4.1)
  gtk3 (~> 4.1)
  rake (~> 13.0)

BUNDLED WITH
   2.4.11
